GEM
  remote: http://rubygems.org/
  remote: http://rubygems.org/
  remote: http://rubygems.org/
  remote: http://gems.rubyforge.org/
  remote: http://rubygems.org/
  remote: http://gemcutter.org/
  specs:
    colorit (0.3.0)

PLATFORMS
  ruby

DEPENDENCIES
  colorit
